GEM
  remote: https://rubygems.org/
  specs:
    power_assert (2.0.1)
    test-unit (3.5.3)
      power_assert

PLATFORMS
  x86_64-linux

DEPENDENCIES
  test-unit

BUNDLED WITH
   2.3.14
